GEM
  remote: https://rubygems.org/
  specs:
    awesome_print (1.2.0)
    coderay (1.1.0)
    diff-lcs (1.2.5)
    method_source (0.8.2)
    pry (0.9.12.6)
      coderay (~> 1.0)
      method_source (~> 0.8)
      slop (~> 3.4)
    pry-doc (0.6.0)
      pry (~> 0.9)
      yard (~> 0.8)
    rspec (3.0.0.rc1)
      rspec-core (= 3.0.0.rc1)
      rspec-expectations (= 3.0.0.rc1)
      rspec-mocks (= 3.0.0.rc1)
    rspec-core (3.0.0.rc1)
      rspec-support (= 3.0.0.rc1)
    rspec-expectations (3.0.0.rc1)
      diff-lcs (>= 1.2.0, < 2.0)
      rspec-support (= 3.0.0.rc1)
    rspec-mocks (3.0.0.rc1)
      rspec-support (= 3.0.0.rc1)
    rspec-support (3.0.0.rc1)
    slop (3.5.0)
    yard (0.8.7.4)

PLATFORMS
  ruby

DEPENDENCIES
  awesome_print
  pry
  pry-doc
  rspec (~> 3.0.0.beta)
